GEM
  remote: https://rubygems.org/
  specs:
    cairo (1.14.3)
      pkg-config (>= 1.1.5)
    mini_portile (0.6.2)
    nokogiri (1.6.6.2)
      mini_portile (~> 0.6.0)
    pkg-config (1.1.6)

PLATFORMS
  ruby

DEPENDENCIES
  cairo
  nokogiri

BUNDLED WITH
   1.10.3
